GEM
  remote: http://rubygems.org/
  specs:
    aws-s3 (0.6.2)
      builder
      mime-types
      xml-simple
    builder (3.0.0)
    mime-types (1.17.2)
    multi_json (1.0.4)
    pusher (0.8.5)
      multi_json (~> 1.0)
      ruby-hmac (~> 0.4.0)
      signature (~> 0.1.2)
    rack (1.4.0)
    rack-protection (1.2.0)
      rack
    redis (2.2.2)
    ruby-hmac (0.4.0)
    signature (0.1.2)
      ruby-hmac
    sinatra (1.3.2)
      rack (~> 1.3, >= 1.3.6)
      rack-protection (~> 1.2)
      tilt (~> 1.3, >= 1.3.3)
    tilt (1.3.3)
    xml-simple (1.1.1)

PLATFORMS
  ruby

DEPENDENCIES
  aws-s3
  pusher
  redis
  sinatra
