GEM
  remote: http://rubygems.org/
  specs:
    rack (1.3.4)
    rack-protection (1.1.2)
      rack
    redis (2.2.2)
    sinatra (1.3.0)
      rack (~> 1.3)
      rack-protection (~> 1.1)
      tilt (~> 1.3)
    tilt (1.3.3)

PLATFORMS
  ruby

DEPENDENCIES
  redis
  sinatra
