GEM
  remote: http://rubygems.org/
  specs:
    aws-sdk (1.3.5)
      httparty (~> 0.7)
      json (~> 1.4)
      nokogiri (>= 1.4.4)
      uuidtools (~> 2.1)
    bson (1.5.2)
    celluloid (0.11.1)
      timers (>= 1.0.0)
    chunky_png (1.2.5)
    connection_pool (0.9.2)
    httparty (0.8.1)
      multi_json
      multi_xml
    json (1.6.5)
    macaddr (1.6.1)
      systemu (~> 2.5.0)
    multi_json (1.0.4)
    multi_xml (0.4.1)
    nokogiri (1.5.0)
    oily_png (1.0.2)
      chunky_png (~> 1.2.1)
    pusher (0.8.5)
      multi_json (~> 1.0)
      ruby-hmac (~> 0.4.0)
      signature (~> 0.1.2)
    rack (1.4.0)
    rack-protection (1.2.0)
      rack
    redis (3.0.2)
    redis-namespace (1.2.1)
      redis (~> 3.0.0)
    ruby-hmac (0.4.0)
    sidekiq (2.0.0)
      celluloid (~> 0.11.0)
      connection_pool (~> 0.9.0)
      multi_json (~> 1)
      redis (~> 3)
      redis-namespace
    signature (0.1.2)
      ruby-hmac
    sinatra (1.3.2)
      rack (~> 1.3, >= 1.3.6)
      rack-protection (~> 1.2)
      tilt (~> 1.3, >= 1.3.3)
    systemu (2.5.2)
    tilt (1.3.3)
    timers (1.0.1)
    uuid (2.3.5)
      macaddr (~> 1.0)
    uuidtools (2.1.2)

PLATFORMS
  ruby

DEPENDENCIES
  aws-sdk
  bson (= 1.5.2)
  chunky_png
  oily_png
  pusher (= 0.8.5)
  redis (= 3.0.2)
  sidekiq (= 2.0.0)
  sinatra (= 1.3.2)
  uuid
